GEM
  remote: https://rubygems.org/
  specs:
    chronic (0.10.2)
    faraday (0.9.1)
      multipart-post (>= 1.2, < 3)
    mini_portile (0.6.2)
    multipart-post (2.0.0)
    nokogiri (1.6.6.2)
      mini_portile (~> 0.6.0)
    pg (0.18.2)
    rack (1.6.4)
    rack-protection (1.5.3)
      rack
    sequel (4.10.0)
    sinatra (1.4.6)
      rack (~> 1.4)
      rack-protection (~> 1.4)
      tilt (>= 1.3, < 3)
    tilt (2.0.1)

PLATFORMS
  ruby

DEPENDENCIES
  chronic
  faraday
  nokogiri
  pg
  sequel
  sinatra
