GEM
  remote: https://rubygems.org/
  specs:
    chronic (0.10.2)
    faraday (0.15.2)
      multipart-post (>= 1.2, < 3)
    mini_portile2 (2.3.0)
    multipart-post (2.0.0)
    mustermann (1.0.2)
    nokogiri (1.8.2)
      mini_portile2 (~> 2.3.0)
    pg (1.0.0)
    rack (2.0.5)
    rack-protection (2.0.1)
      rack
    sequel (5.9.0)
    sinatra (2.0.1)
      mustermann (~> 1.0)
      rack (~> 2.0)
      rack-protection (= 2.0.1)
      tilt (~> 2.0)
    sinatra-partial (1.0.1)
      sinatra (>= 1.4)
    tilt (2.0.8)

PLATFORMS
  ruby

DEPENDENCIES
  chronic
  faraday
  nokogiri
  pg
  sequel
  sinatra
  sinatra-partial

BUNDLED WITH
   1.16.2
